GEM
  remote: http://ruby.taobao.org/
  remote: http://gemcutter.org/
  remote: http://gems.github.com/
  specs:
    git (1.2.5)
    jeweler (1.5.2)
      bundler (~> 1.0.0)
      git (>= 1.2.5)
      rake
    json (1.6.4)
    multi_json (1.0.4)
    rake (0.9.2.2)
    rcov (0.9.11)
    rdoc (3.12)
      json (~> 1.4)
    riot (0.12.5)
      rr
    rr (1.0.4)

PLATFORMS
  ruby

DEPENDENCIES
  bundler (~> 1.0.0)
  jeweler (~> 1.5.2)
  multi_json (~> 1.0.4)
  rcov
  rdoc
  riot
